STORAGE: NONE
RESTRICTION: == net6.0
NUGET
  remote: https://api.nuget.org/v3/index.json
    altcover (8.2.821)
    Expecto (9.0.4)
      FSharp.Core (>= 4.6)
      Mono.Cecil (>= 0.11.3)
    FSharp.Core (5.0.2)
    Microsoft.CodeCoverage (16.11)
    Microsoft.NET.Test.Sdk (16.11)
      Microsoft.CodeCoverage (>= 16.11)
      Microsoft.TestPlatform.TestHost (>= 16.11)
    Microsoft.TestPlatform.ObjectModel (16.11)
      NuGet.Frameworks (>= 5.0)
      System.Reflection.Metadata (>= 1.6)
    Microsoft.TestPlatform.TestHost (16.11)
      Microsoft.TestPlatform.ObjectModel (>= 16.11)
      Newtonsoft.Json (>= 9.0.1)
    Mono.Cecil (0.11.4)
    Newtonsoft.Json (13.0.1)
    NuGet.Frameworks (5.11)
    System.Collections.Immutable (5.0)
    System.Reflection.Metadata (5.0)
    YoloDev.Expecto.TestSdk (0.12.8)
      Expecto (>= 9.0 < 10.0)
      FSharp.Core (>= 4.6)
      System.Collections.Immutable (>= 1.5 < 5.1)
